GIT
  remote: https://github.com/maths22/ruby-ddp-client
  revision: e9980504f47f457ab94d7d51e700200377a7ca54
  specs:
    ruby-ddp-client (0.0.2)
      faye-websocket
      json

GEM
  remote: https://rubygems.org/
  specs:
    Ascii85 (1.0.3)
    afm (0.2.2)
    aws-eventstream (1.0.3)
    aws-partitions (1.169.0)
    aws-sdk-core (3.54.0)
      aws-eventstream (~> 1.0, >= 1.0.2)
      aws-partitions (~> 1.0)
      aws-sigv4 (~> 1.1)
      jmespath (~> 1.0)
    aws-sdk-dynamodb (1.30.0)
      aws-sdk-core (~> 3, >= 3.53.0)
      aws-sigv4 (~> 1.1)
    aws-sdk-ssm (1.48.0)
      aws-sdk-core (~> 3, >= 3.53.0)
      aws-sigv4 (~> 1.1)
    aws-sigv4 (1.1.0)
      aws-eventstream (~> 1.0, >= 1.0.2)
    chronic (0.10.2)
    elasticsearch (6.8.0)
      elasticsearch-api (= 6.8.0)
      elasticsearch-transport (= 6.8.0)
    elasticsearch-api (6.8.0)
      multi_json
    elasticsearch-transport (6.8.0)
      faraday
      multi_json
    eventmachine (1.2.7)
    faraday (0.15.4)
      multipart-post (>= 1.2, < 3)
    faye-websocket (0.11.1)
      eventmachine (>= 0.12.0)
      websocket-driver (>= 0.5.1)
    hashery (2.1.2)
    jmespath (1.6.1)
    json (2.5.1)
    multi_json (1.13.1)
    multipart-post (2.1.1)
    pdf-reader (2.2.1)
      Ascii85 (~> 1.0.0)
      afm (~> 0.2.1)
      hashery (~> 2.0)
      ruby-rc4
      ttfunk
    redcarpet (3.5.1)
    require_all (2.0.0)
    ruby-rc4 (0.1.5)
    ttfunk (1.5.1)
    websocket-driver (0.7.5)
      websocket-extensions (>= 0.1.0)
    websocket-extensions (0.1.5)

PLATFORMS
  ruby

DEPENDENCIES
  aws-sdk-dynamodb
  aws-sdk-ssm
  chronic
  elasticsearch (~> 6.8.0)
  pdf-reader
  redcarpet
  require_all
  ruby-ddp-client!

BUNDLED WITH
   2.2.17
